GEM
  remote: http://rubygems.org/
  specs:
    builder (3.0.0)
    cucumber (1.0.2)
      builder (>= 2.1.2)
      diff-lcs (>= 1.1.2)
      gherkin (~> 2.4.5)
      json (>= 1.4.6)
      term-ansicolor (>= 1.0.5)
    diff-lcs (1.1.3)
    gemcutter (0.3.0)
      json_pure
    gherkin (2.4.6)
      json (>= 1.4.6)
    git (1.2.5)
    jeweler (1.4.0)
      gemcutter (>= 0.1.0)
      git (>= 1.2.5)
      rubyforge (>= 2.0.0)
    json (1.5.3)
    json_pure (1.6.1)
    rake (0.9.2)
    rspec (1.3.0)
    rubyforge (2.0.3)
      json_pure (>= 1.1.7)
    term-ansicolor (1.0.6)

PLATFORMS
  ruby

DEPENDENCIES
  cucumber
  jeweler
  rake
  rspec
